GEM
  remote: https://rubygems.org/
  specs:
    backup (3.4.0)
      open4 (~> 1.3.0)
      thor (>= 0.15.4, < 2)
    excon (0.26.0)
    open4 (1.3.0)
    thor (0.18.1)

PLATFORMS
  ruby

DEPENDENCIES
  backup
  excon
  thor
